PATH
  remote: .
  specs:
    hem (1.2.4)
      aws-sdk (~> 2.3.8)
      deepstruct (~> 0.0.7)
      highline (~> 1.7.3)
      jmespath (~> 1.1.3)
      json (~> 1.8.1)
      net-ssh-simple (~> 1.6.3)
      pry (~> 0.10.3)
      rake (>= 11.1.2, < 13.1.0)
      ruby-progressbar (~> 1.8.1)
      slop (~> 3.6.0)
      teerb (~> 0.0.1)

GEM
  remote: https://rubygems.org/
  specs:
    aws-sdk (2.3.23)
      aws-sdk-resources (= 2.3.23)
    aws-sdk-core (2.3.23)
      jmespath (~> 1.0)
    aws-sdk-resources (2.3.23)
      aws-sdk-core (= 2.3.23)
    blockenspiel (0.5.0)
    coderay (1.1.3)
    deepstruct (0.0.7)
    hashie (3.5.3)
    highline (1.7.10)
    jmespath (1.1.3)
    json (1.8.6)
    method_source (0.8.2)
    net-scp (1.2.1)
      net-ssh (>= 2.6.5)
    net-ssh (4.0.1)
    net-ssh-simple (1.6.18)
      blockenspiel (= 0.5.0)
      hashie (= 3.5.3)
      net-scp (= 1.2.1)
      net-ssh (= 4.0.1)
    pry (0.10.4)
      coderay (~> 1.1.0)
      method_source (~> 0.8.1)
      slop (~> 3.4)
    rake (13.0.1)
    ruby-progressbar (1.8.3)
    slop (3.6.0)
    teerb (0.0.1)

PLATFORMS
  ruby

DEPENDENCIES
  hem!

BUNDLED WITH
   1.12.5
