PATH
  remote: .
  specs:
    hobo-inviqa (0.0.16.pre.dev)
      aws-sdk (~> 1.34.0)
      bundler (>= 1.5.2)
      deepstruct (~> 0.0.5)
      highline (~> 1.6.20)
      net-ssh-simple (~> 1.6.3)
      octokit (~> 3.0)
      pry (~> 0.9.12)
      rake (~> 10.1.1)
      rake-hooks (~> 1.2.3)
      ruby-progressbar (~> 1.4.1)
      semantic (~> 1.3.0)
      slop (~> 3.4.7)
      teerb (~> 0.0.1)

GEM
  remote: https://rubygems.org/
  specs:
    addressable (2.3.7)
    aruba (0.5.4)
      childprocess (>= 0.3.6)
      cucumber (>= 1.1.1)
      rspec-expectations (>= 2.7.0)
    aws-sdk (1.34.1)
      json (~> 1.4)
      nokogiri (>= 1.4.4)
      uuidtools (~> 2.1)
    blockenspiel (0.4.5)
    builder (3.2.2)
    celluloid (0.16.0)
      timers (~> 4.0.0)
    childprocess (0.5.5)
      ffi (~> 1.0, >= 1.0.11)
    coderay (1.1.0)
    cucumber (1.3.19)
      builder (>= 2.1.2)
      diff-lcs (>= 1.1.3)
      gherkin (~> 2.12)
      multi_json (>= 1.7.5, < 2.0)
      multi_test (>= 0.1.2)
    deepstruct (0.0.7)
    diff-lcs (1.2.5)
    fakefs (0.5.4)
    faraday (0.9.1)
      multipart-post (>= 1.2, < 3)
    ffi (1.9.6)
    formatador (0.2.5)
    gherkin (2.12.2)
      multi_json (~> 1.3)
    guard (2.2.5)
      formatador (>= 0.2.4)
      listen (~> 2.1)
      lumberjack (~> 1.0)
      pry (>= 0.9.12)
      thor (>= 0.18.1)
    guard-cucumber (1.4.1)
      cucumber (>= 1.2.0)
      guard (>= 1.1.0)
    guard-rspec (4.2.10)
      guard (~> 2.1)
      rspec (>= 2.14, < 4.0)
    hashie (3.4.0)
    highline (1.6.21)
    hitimes (1.2.2)
    json (1.8.2)
    listen (2.8.5)
      celluloid (>= 0.15.2)
      rb-fsevent (>= 0.9.3)
      rb-inotify (>= 0.9)
    lumberjack (1.0.9)
    method_source (0.8.2)
    mini_portile (0.6.2)
    multi_json (1.10.1)
    multi_test (0.1.2)
    multipart-post (2.0.0)
    net-scp (1.2.1)
      net-ssh (>= 2.6.5)
    net-ssh (2.9.2)
    net-ssh-simple (1.6.8)
      blockenspiel (= 0.4.5)
      hashie (= 3.4.0)
      net-scp (= 1.2.1)
      net-ssh (= 2.9.2)
    nokogiri (1.6.6.2)
      mini_portile (~> 0.6.0)
    octokit (3.8.0)
      sawyer (~> 0.6.0, >= 0.5.3)
    pry (0.9.12.6)
      coderay (~> 1.0)
      method_source (~> 0.8)
      slop (~> 3.4)
    rake (10.1.1)
    rake-hooks (1.2.3)
      rake
    rb-fsevent (0.9.4)
    rb-inotify (0.9.5)
      ffi (>= 0.5.0)
    rr (1.1.2)
    rspec (2.14.1)
      rspec-core (~> 2.14.0)
      rspec-expectations (~> 2.14.0)
      rspec-mocks (~> 2.14.0)
    rspec-core (2.14.8)
    rspec-expectations (2.14.5)
      diff-lcs (>= 1.1.3, < 2.0)
    rspec-mocks (2.14.6)
    ruby-progressbar (1.4.2)
    sawyer (0.6.0)
      addressable (~> 2.3.5)
      faraday (~> 0.8, < 0.10)
    semantic (1.3.1)
    simplecov (0.7.1)
      multi_json (~> 1.0)
      simplecov-html (~> 0.7.1)
    simplecov-html (0.7.1)
    slop (3.4.7)
    teerb (0.0.1)
    thor (0.19.1)
    timers (4.0.1)
      hitimes
    uuidtools (2.1.5)

PLATFORMS
  ruby

DEPENDENCIES
  aruba (~> 0.5.4)
  fakefs (~> 0.5.0)
  guard (~> 2.2.5)
  guard-cucumber (~> 1.4.1)
  guard-rspec (~> 4.2.4)
  hobo-inviqa!
  rr (~> 1.1.2)
  rspec (~> 2.14.1)
  simplecov (~> 0.7.1)
