PATH
  remote: .
  specs:
    hobo-inviqa (0.0.16.pre.dev)
      aws-sdk (~> 1.34.0)
      bundler (>= 1.5.2)
      deepstruct (~> 0.0.5)
      highline (~> 1.6.20)
      net-ssh-simple (~> 1.6.3)
      octokit (~> 3.0)
      pry (~> 0.9.12)
      rake (~> 10.1.1)
      rake-hooks (~> 1.2.3)
      ruby-progressbar (~> 1.4.1)
      semantic (~> 1.3.0)
      slop (~> 3.4.7)
      teerb (~> 0.0.1)

GEM
  remote: https://rubygems.org/
  specs:
    addressable (2.3.7)
    aws-sdk (1.34.1)
      json (~> 1.4)
      nokogiri (>= 1.4.4)
      uuidtools (~> 2.1)
    blockenspiel (0.4.5)
    coderay (1.1.0)
    deepstruct (0.0.7)
    diff-lcs (1.2.5)
    docile (1.1.5)
    fakefs (0.6.0)
    faraday (0.9.1)
      multipart-post (>= 1.2, < 3)
    hashie (3.4.0)
    highline (1.6.21)
    json (1.8.2)
    method_source (0.8.2)
    mini_portile (0.6.2)
    multi_json (1.10.1)
    multipart-post (2.0.0)
    net-scp (1.2.1)
      net-ssh (>= 2.6.5)
    net-ssh (2.9.2)
    net-ssh-simple (1.6.8)
      blockenspiel (= 0.4.5)
      hashie (= 3.4.0)
      net-scp (= 1.2.1)
      net-ssh (= 2.9.2)
    nokogiri (1.6.6.2)
      mini_portile (~> 0.6.0)
    octokit (3.8.0)
      sawyer (~> 0.6.0, >= 0.5.3)
    pry (0.9.12.6)
      coderay (~> 1.0)
      method_source (~> 0.8)
      slop (~> 3.4)
    rake (10.1.1)
    rake-hooks (1.2.3)
      rake
    rspec (3.1.0)
      rspec-core (~> 3.1.0)
      rspec-expectations (~> 3.1.0)
      rspec-mocks (~> 3.1.0)
    rspec-core (3.1.7)
      rspec-support (~> 3.1.0)
    rspec-expectations (3.1.2)
      diff-lcs (>= 1.2.0, < 2.0)
      rspec-support (~> 3.1.0)
    rspec-mocks (3.1.3)
      rspec-support (~> 3.1.0)
    rspec-support (3.1.2)
    ruby-progressbar (1.4.2)
    sawyer (0.6.0)
      addressable (~> 2.3.5)
      faraday (~> 0.8, < 0.10)
    semantic (1.3.1)
    simplecov (0.9.1)
      docile (~> 1.1.0)
      multi_json (~> 1.0)
      simplecov-html (~> 0.8.0)
    simplecov-html (0.8.0)
    slop (3.4.7)
    teerb (0.0.1)
    uuidtools (2.1.5)

PLATFORMS
  ruby

DEPENDENCIES
  fakefs (~> 0.6.0)
  hobo-inviqa!
  rspec (~> 3.1.0)
  simplecov (~> 0.9.1)
