PATH
  remote: .
  specs:
    hem (1.0.1.beta3)
      aws-sdk (~> 2.0.24)
      deepstruct (~> 0.0.5)
      highline (~> 1.6.20)
      net-ssh-simple (~> 1.6.3)
      octokit (~> 3.0)
      pry (~> 0.9.12)
      rake (~> 10.1.1)
      ruby-progressbar (~> 1.4.1)
      semantic (~> 1.3.0)
      slop (~> 3.4.7)
      teerb (~> 0.0.1)

GEM
  remote: https://rubygems.org/
  specs:
    addressable (2.3.8)
    aws-sdk (2.0.48)
      aws-sdk-resources (= 2.0.48)
    aws-sdk-core (2.0.48)
      builder (~> 3.0)
      jmespath (~> 1.0)
      multi_json (~> 1.0)
    aws-sdk-resources (2.0.48)
      aws-sdk-core (= 2.0.48)
    blockenspiel (0.4.5)
    builder (3.2.2)
    coderay (1.1.0)
    deepstruct (0.0.7)
    faraday (0.9.2)
      multipart-post (>= 1.2, < 3)
    hashie (3.4.3)
    highline (1.6.21)
    jmespath (1.1.3)
    method_source (0.8.2)
    multi_json (1.11.2)
    multipart-post (2.0.0)
    net-scp (1.2.1)
      net-ssh (>= 2.6.5)
    net-ssh (3.0.1)
    net-ssh-simple (1.6.12)
      blockenspiel (= 0.4.5)
      hashie (= 3.4.3)
      net-scp (= 1.2.1)
      net-ssh (= 3.0.1)
    octokit (3.8.0)
      sawyer (~> 0.6.0, >= 0.5.3)
    pry (0.9.12.6)
      coderay (~> 1.0)
      method_source (~> 0.8)
      slop (~> 3.4)
    rake (10.1.1)
    ruby-progressbar (1.4.2)
    sawyer (0.6.0)
      addressable (~> 2.3.5)
      faraday (~> 0.8, < 0.10)
    semantic (1.3.1)
    slop (3.4.7)
    teerb (0.0.1)

PLATFORMS
  ruby

DEPENDENCIES
  hem!

BUNDLED WITH
   1.10.6
