PATH
  remote: .
  specs:
    hem (1.2.0)
      aws-sdk (~> 2.3.8)
      deepstruct (~> 0.0.7)
      highline (~> 1.7.3)
      jmespath (~> 1.1.3)
      json (~> 1.8.1)
      net-ssh-simple (~> 1.6.3)
      pry (~> 0.10.3)
      rake (~> 11.1.2)
      ruby-progressbar (~> 1.8.1)
      slop (~> 3.6.0)
      teerb (~> 0.0.1)

GEM
  remote: https://rubygems.org/
  specs:
    aws-sdk (2.3.13)
      aws-sdk-resources (= 2.3.13)
    aws-sdk-core (2.3.13)
      jmespath (~> 1.0)
    aws-sdk-resources (2.3.13)
      aws-sdk-core (= 2.3.13)
    blockenspiel (0.5.0)
    coderay (1.1.1)
    deepstruct (0.0.7)
    hashie (3.4.4)
    highline (1.7.8)
    jmespath (1.1.3)
    json (1.8.3)
    method_source (0.8.2)
    net-scp (1.2.1)
      net-ssh (>= 2.6.5)
    net-ssh (3.1.1)
    net-ssh-simple (1.6.15)
      blockenspiel (= 0.5.0)
      hashie (= 3.4.4)
      net-scp (= 1.2.1)
      net-ssh (= 3.1.1)
    pry (0.10.3)
      coderay (~> 1.1.0)
      method_source (~> 0.8.1)
      slop (~> 3.4)
    rake (11.1.2)
    ruby-progressbar (1.8.1)
    slop (3.6.0)
    teerb (0.0.1)

PLATFORMS
  ruby

DEPENDENCIES
  hem!

BUNDLED WITH
   1.12.5
